GIT
  remote: git://github.com/freshshell/fresh-api.git
  revision: bd4683a6039322f0bec977816433641c446efe90
  specs:
    fresh_api (0.0.0)

GEM
  remote: https://rubygems.org/
  specs:
    nokogiri (1.5.9)

PLATFORMS
  ruby

DEPENDENCIES
  fresh_api (= 0.0.0)!
  nokogiri
