GIT
  remote: git://github.com/freshshell/api.git
  revision: bf1276f1788708e11a1c211dbcdd9489d59ad9d5
  specs:
    fresh_api (0.0.0)

GEM
  remote: https://rubygems.org/
  specs:
    nokogiri (1.5.9)

PLATFORMS
  ruby

DEPENDENCIES
  fresh_api (= 0.0.0)!
  nokogiri
